PATH
  remote: .
  specs:
    moleculer (0.3.0)
      concurrent-ruby (~> 1.1)
      concurrent-ruby-edge (~> 0.6)
      concurrent-ruby-ext (~> 1.1)
      semantic_logger (~> 4.8)

GEM
  remote: https://rubygems.org/
  specs:
    ast (2.4.2)
    concurrent-ruby (1.1.9)
    concurrent-ruby-edge (0.6.0)
      concurrent-ruby (~> 1.1.6)
    concurrent-ruby-ext (1.1.9)
      concurrent-ruby (= 1.1.9)
    diff-lcs (1.4.4)
    docile (1.4.0)
    parallel (1.21.0)
    parser (3.0.2.0)
      ast (~> 2.4.1)
    rainbow (3.0.0)
    rake (13.0.6)
    redis (4.5.1)
    regexp_parser (2.1.1)
    rexml (3.2.5)
    rspec (3.10.0)
      rspec-core (~> 3.10.0)
      rspec-expectations (~> 3.10.0)
      rspec-mocks (~> 3.10.0)
    rspec-core (3.10.1)
      rspec-support (~> 3.10.0)
    rspec-expectations (3.10.1)
      diff-lcs (>= 1.2.0, < 2.0)
      rspec-support (~> 3.10.0)
    rspec-mocks (3.10.2)
      diff-lcs (>= 1.2.0, < 2.0)
      rspec-support (~> 3.10.0)
    rspec-support (3.10.2)
    rubocop (1.22.3)
      parallel (~> 1.10)
      parser (>= 3.0.0.0)
      rainbow (>= 2.2.2, < 4.0)
      regexp_parser (>= 1.8, < 3.0)
      rexml
      rubocop-ast (>= 1.12.0, < 2.0)
      ruby-progressbar (~> 1.7)
      unicode-display_width (>= 1.4.0, < 3.0)
    rubocop-ast (1.12.0)
      parser (>= 3.0.1.1)
    ruby-progressbar (1.11.0)
    semantic_logger (4.8.1)
      concurrent-ruby (~> 1.0)
    simplecov (0.21.2)
      docile (~> 1.1)
      simplecov-html (~> 0.11)
      simplecov_json_formatter (~> 0.1)
    simplecov-html (0.12.3)
    simplecov_json_formatter (0.1.3)
    unicode-display_width (2.1.0)
    yard (0.9.26)

PLATFORMS
  arm64-darwin-20

DEPENDENCIES
  moleculer!
  rake (~> 13.0)
  redis (~> 4.5)
  rspec (~> 3.10)
  rubocop (~> 1.22)
  simplecov (~> 0.21)
  yard (~> 0.9)

BUNDLED WITH
   2.2.15
